PATH
  remote: .
  specs:
    ruboty-study (0.1.0)
      ruboty (~> 1.3)

GEM
  remote: https://rubygems.org/
  specs:
    activesupport (6.1.1)
      concurrent-ruby (~> 1.0, >= 1.0.2)
      i18n (>= 1.6, < 2)
      minitest (>= 5.1)
      tzinfo (~> 2.0)
      zeitwerk (~> 2.3)
    concurrent-ruby (1.1.8)
    dotenv (2.7.6)
    i18n (1.8.7)
      concurrent-ruby (~> 1.0)
    mem (0.1.5)
    minitest (5.14.3)
    rake (13.0.3)
    ruboty (1.3.1)
      activesupport
      bundler
      dotenv
      mem
      slop
    slop (4.8.2)
    tzinfo (2.0.4)
      concurrent-ruby (~> 1.0)
    zeitwerk (2.4.2)

PLATFORMS
  x86_64-darwin-19

DEPENDENCIES
  bundler (~> 2.2)
  minitest (~> 5.0)
  rake (~> 13.0)
  ruboty-study!

BUNDLED WITH
   2.2.6
